GEM
  remote: https://rubygems.org/
  specs:
    ak47 (0.2.5)
      guard (~> 0.10.0)
      shell_tools (~> 0.1.0)
      smart_colored
    ffi (1.17.2-arm64-darwin)
    front_matter_parser (1.0.1)
    guard (0.10.0)
      ffi (>= 0.5.0)
      thor (~> 0.14.6)
    image_size (3.4.0)
    kramdown (2.5.1)
      rexml (>= 3.3.9)
    kramdown-parser-gfm (1.1.0)
      kramdown (~> 2.0)
    map (6.6.0)
    nokogiri (1.18.8-arm64-darwin)
      racc (~> 1.4)
    racc (1.8.1)
    rexml (3.4.1)
    rinku (2.0.6)
    ro (4.4.1)
      ak47 (~> 0.2.5)
      front_matter_parser (~> 1.0)
      image_size (~> 3.4)
      kramdown (~> 2.4, >= 2.4.0)
      kramdown-parser-gfm (~> 1.1, >= 1.1.0)
      map (~> 6.6, >= 6.6.0)
      nokogiri (~> 1)
      rinku (~> 2.0)
      rouge (~> 4.1, >= 4.1.1)
      webrick (~> 1.9, >= 1.9.1)
    rouge (4.5.1)
    shell_tools (0.1.2)
    smart_colored (1.1.1)
    thor (0.14.6)
    webrick (1.9.1)

PLATFORMS
  aarch64-linux-gnu
  aarch64-linux-musl
  arm-linux-gnu
  arm-linux-musl
  arm64-darwin
  ruby
  x86-linux-gnu
  x86-linux-musl
  x86_64-darwin
  x86_64-linux-gnu
  x86_64-linux-musl

DEPENDENCIES
  ro (>= 4.4.1)

BUNDLED WITH
   2.6.8
