GEM
  remote: https://rubygems.org/
  specs:
    debug (1.9.2)
      irb (~> 1.10)
      reline (>= 0.3.8)
    front_matter_parser (1.0.1)
    image_size (3.4.0)
    io-console (0.7.2)
    irb (1.14.1)
      rdoc (>= 4.0.0)
      reline (>= 0.4.2)
    kramdown (2.5.1)
      rexml (>= 3.3.9)
    kramdown-parser-gfm (1.1.0)
      kramdown (~> 2.0)
    map (6.6.0)
    nokogiri (1.18.8-arm64-darwin)
      racc (~> 1.4)
    psych (5.1.2)
      stringio
    racc (1.8.1)
    rdoc (6.7.0)
      psych (>= 4.0.0)
    reline (0.5.10)
      io-console (~> 0.5)
    rexml (3.4.1)
    rinku (2.0.6)
    ro (4.4.0)
      debug
      front_matter_parser (~> 1.0)
      image_size (~> 3.4)
      kramdown (~> 2.4, >= 2.4.0)
      kramdown-parser-gfm (~> 1.1, >= 1.1.0)
      map (~> 6.6, >= 6.6.0)
      nokogiri (~> 1)
      rinku (~> 2.0)
      rouge (~> 4.1, >= 4.1.1)
    rouge (4.5.1)
    stringio (3.1.1)

PLATFORMS
  aarch64-linux-gnu
  aarch64-linux-musl
  arm-linux-gnu
  arm-linux-musl
  arm64-darwin
  x86_64-darwin
  x86_64-linux-gnu
  x86_64-linux-musl

DEPENDENCIES
  ro

BUNDLED WITH
   2.6.8
